GEM
  remote: http://rubygems.org/
  specs:
    colorize (0.8.1)

PLATFORMS
  x86_64-linux

DEPENDENCIES
  colorize (~> 0.8.1)

RUBY VERSION
   ruby 3.0.0p0

BUNDLED WITH
   2.2.16
